GEM
  remote: https://rubygems.org/
  specs:
    erubi (1.10.0)

PLATFORMS
  ruby

DEPENDENCIES
  erubi (~> 1.10)

BUNDLED WITH
   2.1.4
