GEM
  remote: https://rubygems.org/
  specs:
    erubi (1.9.0)

PLATFORMS
  ruby

DEPENDENCIES
  erubi

BUNDLED WITH
   2.1.4
