GEM
  remote: https://rubygems.org/
  specs:
    erubi (1.12.0)

PLATFORMS
  ruby

DEPENDENCIES
  erubi (~> 1.12)

BUNDLED WITH
   2.1.4
